GEM
  remote: https://rubygems.org/
  specs:
    awesome_print (1.9.2)
    concurrent-ruby (1.2.2)
    faker (2.16.0)
      i18n (>= 1.6, < 2)
    i18n (1.14.0)
      concurrent-ruby (~> 1.0)

PLATFORMS
  arm64-darwin-22

DEPENDENCIES
  awesome_print
  faker

BUNDLED WITH
   2.4.13
